GEM
  remote: https://rubygems.org/
  specs:
    cli-ui (1.3.0)

PLATFORMS
  ruby

DEPENDENCIES
  cli-ui

BUNDLED WITH
   2.1.4
